GEM
  remote: https://rubygems.org/
  specs:
    diff-lcs (1.2.2)
    multi_json (1.7.2)
    pg (0.15.1)
    redis (3.0.3)
    rspec (2.13.0)
      rspec-core (~> 2.13.0)
      rspec-expectations (~> 2.13.0)
      rspec-mocks (~> 2.13.0)
    rspec-core (2.13.1)
    rspec-expectations (2.13.0)
      diff-lcs (>= 1.1.3, < 2.0)
    rspec-mocks (2.13.1)

PLATFORMS
  ruby

DEPENDENCIES
  multi_json (~> 1.7.2)
  pg (~> 0.15.1)
  redis (~> 3.0.3)
  rspec (~> 2.13.0)
